PATH
  remote: .
  specs:
    chronological (1.0.0beta8)

GEM
  remote: https://rubygems.org/
  specs:
    activemodel (3.1.12)
      activesupport (= 3.1.12)
      builder (~> 3.0.0)
      i18n (~> 0.6)
    activerecord (3.1.12)
      activemodel (= 3.1.12)
      activesupport (= 3.1.12)
      arel (~> 2.2.3)
      tzinfo (~> 0.3.29)
    activesupport (3.1.12)
      multi_json (~> 1.0)
    arel (2.2.3)
    builder (3.0.4)
    database_cleaner (1.0.1)
    diff-lcs (1.2.4)
    fuubar (1.1.1)
      rspec (~> 2.0)
      rspec-instafail (~> 0.2.0)
      ruby-progressbar (~> 1.0)
    i18n (0.6.4)
    multi_json (1.7.6)
    pg (0.14.1)
    rspec (2.13.0)
      rspec-core (~> 2.13.0)
      rspec-expectations (~> 2.13.0)
      rspec-mocks (~> 2.13.0)
    rspec-core (2.13.1)
    rspec-expectations (2.13.0)
      diff-lcs (>= 1.1.3, < 2.0)
    rspec-instafail (0.2.4)
    rspec-mocks (2.13.1)
    rspectacular (0.13.0)
      fuubar (~> 1.0)
      rspec (~> 2.12)
    ruby-progressbar (1.1.0)
    timecop (0.6.1)
    tzinfo (0.3.37)

PLATFORMS
  ruby

DEPENDENCIES
  activerecord (~> 3.1.8)
  chronological!
  database_cleaner (~> 1.0)
  pg (~> 0.14.1)
  rspec (~> 2.13)
  rspectacular (~> 0.13)
  timecop (~> 0.6.1)
